GEM
  remote: http://rubygems.org/
  specs:
    chunky_png (1.2.5)
    compass (0.11.5)
      chunky_png (~> 1.2)
      fssm (>= 0.2.7)
      sass (~> 3.1)
    fssm (0.2.7)
    growl (1.0.3)
    guard (0.8.8)
      thor (~> 0.14.6)
    guard-compass (0.0.6)
      compass (>= 0.10.5)
      guard (>= 0.2.1)
    rb-fsevent (0.4.3.1)
    sass (3.1.10)
    thor (0.14.6)

PLATFORMS
  ruby

DEPENDENCIES
  compass
  growl
  guard
  guard-compass
  rb-fsevent
